GEM
  remote: https://rubygems.org/
  specs:
    addressable (2.7.0)
      public_suffix (>= 2.0.2, < 5.0)
    chroma (0.2.0)
    css_parser (1.9.0)
      addressable
    public_suffix (4.0.6)
    wcag_color_contrast (0.1.0)

PLATFORMS
  ruby

DEPENDENCIES
  chroma
  css_parser
  wcag_color_contrast

BUNDLED WITH
   1.17.2
